GEM
  remote: http://rubygems.org/
  specs:
    ffi (1.0.11)
    guard (1.0.1)
      ffi (>= 0.5.0)
      thor (~> 0.14.6)
    guard-shell (0.4.0)
      guard (>= 0.2.0)
    thor (0.14.6)

PLATFORMS
  ruby

DEPENDENCIES
  guard
  guard-shell
